GIT
  remote: git://github.com/ifad/data-confirm-modal.git
  revision: 2ad13700540df749af31f7f58bc0d08d98f28433
  branch: bootstrap2
  specs:
    data-confirm-modal (1.0.1)
      railties (>= 3.0)

GIT
  remote: git://github.com/lastobelus/s3_file_field.git
  revision: b7ebbbbae7c84435020dd509d5dec48d78d90c14
  ref: b7ebbbbae7c84435020dd509d5dec48d78d90c14
  specs:
    s3_file_field (1.2.1)
      coffee-rails (>= 3.2.1)
      jquery-fileupload-rails (~> 0.4.1)
      rails (>= 3.2)
      sass-rails (>= 3.2.5)

GIT
  remote: git://github.com/rails/rails.git
  revision: 9892626579d1c62c367e5344a1d1642708340f88
  branch: 3-2-stable
  specs:
    actionmailer (3.2.22.1)
      actionpack (= 3.2.22.1)
      mail (~> 2.5.4)
    actionpack (3.2.22.1)
      activemodel (= 3.2.22.1)
      activesupport (= 3.2.22.1)
      builder (~> 3.0.0)
      erubis (~> 2.7.0)
      journey (~> 1.0.4)
      rack (~> 1.4.5)
      rack-cache (~> 1.2)
      rack-test (~> 0.6.1)
      sprockets (~> 2.2.1)
    activemodel (3.2.22.1)
      activesupport (= 3.2.22.1)
      builder (~> 3.0.0)
    activerecord (3.2.22.1)
      activemodel (= 3.2.22.1)
      activesupport (= 3.2.22.1)
      arel (~> 3.0.2)
      tzinfo (~> 0.3.29)
    activeresource (3.2.22.1)
      activemodel (= 3.2.22.1)
      activesupport (= 3.2.22.1)
    activesupport (3.2.22.1)
      i18n (~> 0.6, >= 0.6.4)
      multi_json (~> 1.0)
    rails (3.2.22.1)
      actionmailer (= 3.2.22.1)
      actionpack (= 3.2.22.1)
      activerecord (= 3.2.22.1)
      activeresource (= 3.2.22.1)
      activesupport (= 3.2.22.1)
      bundler (~> 1.0)
      railties (= 3.2.22.1)
    railties (3.2.22.1)
      actionpack (= 3.2.22.1)
      activesupport (= 3.2.22.1)
      rack-ssl (~> 1.3.2)
      rake (>= 0.8.7)
      rdoc (~> 3.4)
      thor (>= 0.14.6, < 2.0)

GIT
  remote: git://github.com/wr0ngway/graylog2_exceptions.git
  revision: 797924acd1aa89852605230812d8cfd27da90969
  specs:
    graylog2_exceptions (1.3.0)
      gelf (~> 1.3)

GEM
  remote: http://rubygems.org/
  specs:
    CFPropertyList (2.3.2)
    active_utils (1.0.5)
      activesupport (>= 2.3.11)
      i18n
    activemerchant (1.29.3)
      active_utils (>= 1.0.2)
      activesupport (>= 2.3.14)
      builder (>= 2.0.0)
      i18n
      json (>= 1.5.1)
      money
      nokogiri
    addressable (2.3.2)
    area (0.10.0)
      fastercsv (~> 1.5)
    arel (3.0.3)
    as_csv (1.0.2)
    attr_required (0.0.5)
    aws-sdk (1.66.0)
      aws-sdk-v1 (= 1.66.0)
    aws-sdk-v1 (1.66.0)
      json (~> 1.4)
      nokogiri (>= 1.4.4)
    bcrypt (3.1.11)
    bcrypt (3.1.11-x86-mingw32)
    bcrypt-ruby (3.1.5)
      bcrypt (>= 3.1.3)
    bcrypt-ruby (3.1.5-x86-mingw32)
      bcrypt (>= 3.1.3)
    better_errors (1.1.0)
      coderay (>= 1.0.0)
      erubis (>= 2.6.6)
    binding_of_caller (0.7.2)
      debug_inspector (>= 0.0.1)
    bootstrap-datepicker-rails (1.1.1.1)
      railties (>= 3.0)
    bootstrap-sass (2.3.2.2)
      sass (~> 3.2)
    bootstrap-will_paginate (0.0.6)
      will_paginate
    builder (3.0.4)
    bullet (4.8.0)
      activesupport
      uniform_notifier (>= 1.4.0)
    cache_digests (0.3.1)
      actionpack (>= 3.2)
      thread_safe
    cancan (1.6.9)
    capistrano (2.15.7)
      highline
      net-scp (>= 1.0.0)
      net-sftp (>= 2.0.0)
      net-ssh (>= 2.0.14)
      net-ssh-gateway (>= 1.1.0)
    capistrano-maintenance (0.0.4)
      capistrano (>= 2.0.0)
    capybara (1.1.2)
      mime-types (>= 1.16)
      nokogiri (>= 1.3.3)
      rack (>= 1.0.0)
      rack-test (>= 0.5.4)
      selenium-webdriver (~> 2.0)
      xpath (~> 0.1.4)
    celluloid (0.16.0)
      timers (~> 4.0.0)
    childprocess (0.5.8)
      ffi (~> 1.0, >= 1.0.11)
    chronic (0.9.1)
    chunky_png (1.3.4)
    clamp (1.0.0)
    client_side_validations (3.2.1)
    climate_control (0.0.3)
      activesupport (>= 3.0)
    cocaine (0.5.1)
      climate_control (>= 0.0.3, < 1.0)
    coderay (1.1.0)
    coffee-rails (3.2.2)
      coffee-script (>= 2.2.0)
      railties (~> 3.2.0)
    coffee-script (2.2.0)
      coffee-script-source
      execjs
    coffee-script-source (1.4.0)
    combined_time_select (1.0.1)
    compass (0.12.2)
      chunky_png (~> 1.2)
      fssm (>= 0.2.7)
      sass (~> 3.1)
    compass-rails (1.1.7)
      compass (>= 0.12.2)
      sprockets (<= 2.11.0)
    connection_pool (1.0.0)
    country_select (1.1.3)
    daemons (1.1.9)
    dalli (2.7.0)
    dalli-elasticache (0.1.0)
      dalli (>= 1.0.0)
    database_cleaner (1.5.1)
    debug_inspector (0.0.2)
    delayed_job (4.0.0)
      activesupport (>= 3.0, < 4.1)
    delayed_job_active_record (4.0.0)
      activerecord (>= 3.0, < 4.1)
      delayed_job (>= 3.0, < 4.1)
    delayed_paperclip (2.7.1)
      paperclip (>= 3.3)
    devise (2.2.3)
      bcrypt-ruby (~> 3.0)
      orm_adapter (~> 0.1)
      railties (~> 3.1)
      warden (~> 1.2.1)
    devise-async (0.7.0)
      devise (>= 2.2)
    diff-lcs (1.2.5)
    domain_name (0.5.24)
      unf (>= 0.0.5, < 1.0.0)
    email_spec (1.4.0)
      launchy (~> 2.1)
      mail (~> 2.2)
    erubis (2.7.0)
    eventmachine (1.0.9.1)
    exception_notification (3.0.1)
      actionmailer (>= 3.0.4)
    excon (0.45.4)
    execjs (1.4.0)
      multi_json (~> 1.0)
    factory_girl (4.3.0)
      activesupport (>= 3.0.0)
    factory_girl_rails (4.3.0)
      factory_girl (~> 4.3.0)
      railties (>= 3.0.0)
    faker (1.1.2)
      i18n (~> 0.5)
    fakeweb (1.3.0)
    faraday (0.8.9)
      multipart-post (~> 1.2.0)
    fastercsv (1.5.5)
    fb_graph (1.8.6)
      httpclient (>= 2.2.0.2)
      rack-oauth2 (>= 0.8.0)
    ffi (1.9.10)
    ffi (1.9.10-x86-mingw32)
    fission (0.5.0)
      CFPropertyList (~> 2.2)
    fog (1.37.0)
      fog-aliyun (>= 0.1.0)
      fog-atmos
      fog-aws (>= 0.6.0)
      fog-brightbox (~> 0.4)
      fog-core (~> 1.32)
      fog-dynect (~> 0.0.2)
      fog-ecloud (~> 0.1)
      fog-google (<= 0.1.0)
      fog-json
      fog-local
      fog-powerdns (>= 0.1.1)
      fog-profitbricks
      fog-radosgw (>= 0.0.2)
      fog-riakcs
      fog-sakuracloud (>= 0.0.4)
      fog-serverlove
      fog-softlayer
      fog-storm_on_demand
      fog-terremark
      fog-vmfusion
      fog-voxel
      fog-vsphere (>= 0.4.0)
      fog-xenserver
      fog-xml (~> 0.1.1)
      ipaddress (~> 0.5)
    fog-aliyun (0.1.0)
      fog-core (~> 1.27)
      fog-json (~> 1.0)
      ipaddress (~> 0.8)
      xml-simple (~> 1.1)
    fog-atmos (0.1.0)
      fog-core
      fog-xml
    fog-aws (0.8.1)
      fog-core (~> 1.27)
      fog-json (~> 1.0)
      fog-xml (~> 0.1)
      ipaddress (~> 0.8)
    fog-brightbox (0.10.1)
      fog-core (~> 1.22)
      fog-json
      inflecto (~> 0.0.2)
    fog-core (1.36.0)
      builder
      excon (~> 0.45)
      formatador (~> 0.2)
    fog-dynect (0.0.2)
      fog-core
      fog-json
      fog-xml
    fog-ecloud (0.3.0)
      fog-core
      fog-xml
    fog-google (0.1.0)
      fog-core
      fog-json
      fog-xml
    fog-json (1.0.2)
      fog-core (~> 1.0)
      multi_json (~> 1.10)
    fog-local (0.2.1)
      fog-core (~> 1.27)
    fog-powerdns (0.1.1)
      fog-core (~> 1.27)
      fog-json (~> 1.0)
      fog-xml (~> 0.1)
    fog-profitbricks (0.0.5)
      fog-core
      fog-xml
      nokogiri
    fog-radosgw (0.0.5)
      fog-core (>= 1.21.0)
      fog-json
      fog-xml (>= 0.0.1)
    fog-riakcs (0.1.0)
      fog-core
      fog-json
      fog-xml
    fog-sakuracloud (1.7.5)
      fog-core
      fog-json
    fog-serverlove (0.1.2)
      fog-core
      fog-json
    fog-softlayer (1.1.0)
      fog-core
      fog-json
    fog-storm_on_demand (0.1.1)
      fog-core
      fog-json
    fog-terremark (0.1.0)
      fog-core
      fog-xml
    fog-vmfusion (0.1.0)
      fission
      fog-core
    fog-voxel (0.1.0)
      fog-core
      fog-xml
    fog-vsphere (0.6.0)
      fog-core
      rbvmomi (~> 1.8)
    fog-xenserver (0.2.3)
      fog-core
      fog-xml
    fog-xml (0.1.2)
      fog-core
      nokogiri (~> 1.5, >= 1.5.11)
    formatador (0.2.5)
    fssm (0.2.10)
    gelf (1.4.0)
      json
    geocoder (1.1.8)
    graylog2-resque (0.5.1)
      gelf
      resque
    guard (2.9.0)
      formatador (>= 0.2.4)
      listen (~> 2.7)
      lumberjack (~> 1.0)
      pry (>= 0.9.12)
      thor (>= 0.18.1)
    guard-rspec (4.3.1)
      guard (~> 2.1)
      rspec (>= 2.14, < 4.0)
    guard-spork (2.0.2)
      childprocess (>= 0.2.3)
      guard (~> 2.0, <= 2.9.0)
      spork (>= 0.8.4)
    handle_invalid_percent_encoding_requests (1.0.2)
      rack-utf8_sanitizer
      rails (>= 3.1)
    hashie (1.2.0)
    highline (1.7.8)
    hike (1.2.3)
    hitimes (1.2.3)
    hitimes (1.2.3-x86-mingw32)
    http-cookie (1.0.2)
      domain_name (~> 0.5)
    httparty (0.11.0)
      multi_json (~> 1.0)
      multi_xml (>= 0.5.2)
    httpauth (0.2.0)
    httpclient (2.3.2)
    i18n (0.6.11)
    inflecto (0.0.2)
    innertube (1.1.0)
    ipaddress (0.8.3)
    journey (1.0.4)
    jquery-fileupload-rails (0.4.1)
      actionpack (>= 3.1)
      railties (>= 3.1)
    jquery-rails (3.1.0)
      railties (>= 3.0, < 5.0)
      thor (>= 0.14, < 2.0)
    jquery-ui-rails (4.0.2)
      jquery-rails
      railties (>= 3.1.0)
    jquery-ui-themes (0.0.8)
      httparty
    json (1.8.3)
    jwt (0.1.5)
      multi_json (>= 1.0)
    launchy (2.1.2)
      addressable (~> 2.3)
    lazyload-rails (0.3.1)
      nokogiri (~> 1.5)
    libv8 (3.16.14.3)
    listen (2.10.1)
      celluloid (~> 0.16.0)
      rb-fsevent (>= 0.9.3)
      rb-inotify (>= 0.9)
    lumberjack (1.0.10)
    mail (2.5.4)
      mime-types (~> 1.16)
      treetop (~> 1.4.8)
    method_source (0.8.2)
    middleware (0.1.0)
    mime-types (1.25.1)
    mini_portile2 (2.0.0)
    minitest (5.8.4)
    money (5.1.0)
      i18n (~> 0.6.0)
    mono_logger (1.1.0)
    multi_json (1.11.2)
    multi_xml (0.5.3)
    multipart-post (1.2.0)
    mysql2 (0.3.20)
    mysql2 (0.3.20-x86-mingw32)
    net-scp (1.2.1)
      net-ssh (>= 2.6.5)
    net-sftp (2.1.2)
      net-ssh (>= 2.6.5)
    net-ssh (2.10.1.rc2)
    net-ssh-gateway (1.2.0)
      net-ssh (>= 2.6.5)
    netrc (0.10.3)
    nokogiri (1.6.7.2)
      mini_portile2 (~> 2.0.0.rc2)
    nokogiri (1.6.7.2-x86-mingw32)
      mini_portile2 (~> 2.0.0.rc2)
    oauth (0.4.7)
    oauth2 (0.8.0)
      faraday (~> 0.8)
      httpauth (~> 0.1)
      jwt (~> 0.1.4)
      multi_json (~> 1.0)
      rack (~> 1.2)
    omniauth (1.1.1)
      hashie (~> 1.2)
      rack
    omniauth-facebook (1.4.0)
      omniauth-oauth2 (~> 1.0.2)
    omniauth-github (1.0.1)
      omniauth (~> 1.0)
      omniauth-oauth2 (~> 1.0)
    omniauth-oauth (1.0.1)
      oauth
      omniauth (~> 1.0)
    omniauth-oauth2 (1.0.3)
      oauth2 (~> 0.8.0)
      omniauth (~> 1.0)
    omniauth-openid (1.0.1)
      omniauth (~> 1.0)
      rack-openid (~> 1.3.1)
    omniauth-twitter (0.0.14)
      multi_json (~> 1.3)
      omniauth-oauth (~> 1.0)
    open4 (1.3.0)
    open_uri_redirections (0.1.4)
    orm_adapter (0.4.0)
    paperclip (3.5.0)
      activemodel (>= 3.0.0)
      activesupport (>= 3.0.0)
      cocaine (~> 0.5.0)
      mime-types
    parsley-rails (2.0.5.0)
      railties (>= 3.0.0)
    polyglot (0.3.5)
    power_assert (0.2.7)
    pry (0.10.3)
      coderay (~> 1.1.0)
      method_source (~> 0.8.1)
      slop (~> 3.4)
    quiet_assets (1.0.2)
      railties (>= 3.1, < 5.0)
    rack (1.4.7)
    rack-cache (1.6.1)
      rack (>= 0.4)
    rack-google_analytics (1.0.2)
      rack
    rack-oauth2 (1.0.0)
      activesupport (>= 2.3)
      attr_required (>= 0.0.5)
      httpclient (>= 2.2.0.2)
      i18n
      multi_json (>= 1.3.6)
      rack (>= 1.1)
    rack-openid (1.3.1)
      rack (>= 1.1.0)
      ruby-openid (>= 2.1.8)
    rack-protection (1.5.0)
      rack
    rack-ssl (1.3.4)
      rack
    rack-test (0.6.3)
      rack (>= 1.0)
    rack-utf8_sanitizer (1.3.1)
      rack (~> 1.0)
    rack_session_access (0.1.1)
      builder (>= 2.0.0)
      rack (>= 1.0.0)
    rails3-jquery-autocomplete (1.0.11)
      rails (~> 3.0)
    rake (10.5.0)
    rb-fchange (0.0.5)
      ffi
    rb-fsevent (0.9.7)
    rb-inotify (0.9.7)
      ffi (>= 0.5.0)
    rb-notifu (0.0.4)
    rbvmomi (1.8.2)
      builder
      nokogiri (>= 1.4.1)
      trollop
    rdoc (3.12.2)
      json (~> 1.4)
    recursive-open-struct (0.5.0)
    redis (3.0.4)
    redis-namespace (1.3.0)
      redis (~> 3.0.0)
    ref (1.0.5)
    remotipart (1.0.5)
    resque (1.24.1)
      mono_logger (~> 1.0)
      multi_json (~> 1.0)
      redis-namespace (~> 1.2)
      sinatra (>= 0.9.2)
      vegas (~> 0.1.2)
    rest-client (1.8.0)
      http-cookie (>= 1.0.2, < 2.0)
      mime-types (>= 1.16, < 3.0)
      netrc (~> 0.7)
    rest-client (1.8.0-x86-mingw32)
      ffi (~> 1.9)
      http-cookie (>= 1.0.2, < 2.0)
      mime-types (>= 1.16, < 3.0)
      netrc (~> 0.7)
    riddle (1.5.11)
    rinku (1.7.3)
    rmagick (2.15.4)
    rolify (3.2.0)
    rspec (2.14.1)
      rspec-core (~> 2.14.0)
      rspec-expectations (~> 2.14.0)
      rspec-mocks (~> 2.14.0)
    rspec-core (2.14.8)
    rspec-expectations (2.14.5)
      diff-lcs (>= 1.1.3, < 2.0)
    rspec-mocks (2.14.6)
    rspec-rails (2.14.0)
      actionpack (>= 3.0)
      activesupport (>= 3.0)
      railties (>= 3.0)
      rspec-core (~> 2.14.0)
      rspec-expectations (~> 2.14.0)
      rspec-mocks (~> 2.14.0)
    rubber (3.2.1)
      capistrano (~> 2.12)
      clamp
      fog (< 2.0)
      net-ssh (~> 2.6)
      thor
    ruby-openid (2.2.2)
    rubyzip (1.1.7)
    rvm-capistrano (1.4.1)
      capistrano (>= 2.0.0)
    sass (3.2.5)
    sass-rails (3.2.5)
      railties (~> 3.2.0)
      sass (>= 3.1.10)
      tilt (~> 1.3)
    selenium-webdriver (2.48.1)
      childprocess (~> 0.5)
      multi_json (~> 1.0)
      rubyzip (~> 1.0)
      websocket (~> 1.0)
    shoulda-matchers (2.5.0)
      activesupport (>= 3.0.0)
    sinatra (1.4.3)
      rack (~> 1.4)
      rack-protection (~> 1.4)
      tilt (~> 1.3, >= 1.3.4)
    slop (3.6.0)
    spork (1.0.0rc3)
    sprockets (2.2.3)
      hike (~> 1.2)
      multi_json (~> 1.0)
      rack (~> 1.0)
      tilt (~> 1.1, != 1.3.0)
    stripe (1.21.0)
      json (~> 1.8.1)
      rest-client (~> 1.4)
    test-unit (3.1.7)
      power_assert
    test_after_commit (0.2.3)
    therubyracer (0.12.1)
      libv8 (~> 3.16.14.0)
      ref
    thin (1.5.0)
      daemons (>= 1.0.9)
      eventmachine (>= 0.12.6)
      rack (>= 1.0.0)
    thinking-sphinx (3.0.6)
      activerecord (>= 3.1.0)
      builder (>= 2.1.2)
      innertube (>= 1.0.2)
      middleware (>= 0.1.0)
      riddle (>= 1.5.9)
    thor (0.19.1)
    thread_safe (0.3.4)
    tilt (1.4.1)
    timeliness (0.3.7)
    timers (4.0.4)
      hitimes
    timezone (0.3.2)
    treetop (1.4.15)
      polyglot
      polyglot (>= 0.3.1)
    trollop (2.1.2)
    turbo-sprockets-rails3 (0.3.6)
      railties (> 3.2.8, < 4.0.0)
      sprockets (>= 2.0.0)
    tzinfo (0.3.46)
    uglifier (1.2.3)
      execjs (>= 0.3.0)
      multi_json (>= 1.0.2)
    unf (0.1.4)
      unf_ext
    unf_ext (0.0.7.1)
    unf_ext (0.0.7.1-x86-mingw32)
    uniform_notifier (1.5.0)
    unread (0.3.0)
      activerecord (>= 3)
    validates_timeliness (3.0.14)
      timeliness (~> 0.3.6)
    vcr (2.5.0)
    vegas (0.1.11)
      rack (>= 1.0.0)
    warden (1.2.1)
      rack (>= 1.0)
    wdm (0.1.1)
    websocket (1.2.2)
    whenever (0.8.3)
      activesupport (>= 2.3.4)
      chronic (>= 0.6.3)
    will_paginate (3.0.4)
    win32console (1.3.2-x86-mingw32)
    xml-simple (1.1.5)
    xpath (0.1.4)
      nokogiri (~> 1.3)

PLATFORMS
  ruby
  x86-mingw32

DEPENDENCIES
  activemerchant
  area (~> 0.10.0)
  as_csv
  aws-sdk (~> 1.66)
  bcrypt-ruby (= 3.1.5)
  better_errors (~> 1.1.0)
  binding_of_caller
  bootstrap-datepicker-rails
  bootstrap-sass (~> 2.3.2.1)
  bootstrap-will_paginate (= 0.0.6)
  bullet
  cache_digests (~> 0.3.1)
  cancan
  capistrano
  capistrano-maintenance
  capybara (= 1.1.2)
  client_side_validations
  coffee-rails (= 3.2.2)
  combined_time_select (~> 1.0.1)
  compass-rails (~> 1.1.7)
  connection_pool
  country_select
  daemons
  dalli
  dalli-elasticache
  data-confirm-modal!
  database_cleaner (~> 1.5.1)
  delayed_job_active_record
  delayed_paperclip (~> 2.7.1)
  devise
  devise-async
  email_spec
  eventmachine (~> 1.0.3)
  exception_notification (~> 3.0.1)
  excon (~> 0.45.4)
  factory_girl_rails
  faker
  fakeweb (~> 1.3)
  faraday (= 0.8.9)
  fb_graph (~> 1.8.4)
  ffi
  fog (~> 1.37)
  gelf
  geocoder (~> 1.1.8)
  graylog2-resque
  graylog2_exceptions!
  guard-rspec (= 4.3.1)
  guard-spork (= 2.0.2)
  handle_invalid_percent_encoding_requests
  jquery-rails (~> 3.1.0)
  jquery-ui-rails
  jquery-ui-themes
  launchy
  lazyload-rails
  minitest
  mysql2 (~> 0.3.20)
  net-ssh (~> 2.9, >= 2.9.3.beta1)
  nokogiri (~> 1.5, >= 1.5.11)
  omniauth
  omniauth-facebook (= 1.4.0)
  omniauth-github
  omniauth-openid
  omniauth-twitter
  open4
  open_uri_redirections
  paperclip
  parsley-rails (~> 2.0.5.0)
  quiet_assets
  rack-google_analytics
  rack_session_access
  rails!
  rails3-jquery-autocomplete
  rake (~> 10.4, >= 10.4.2)
  rb-fchange (= 0.0.5)
  rb-notifu (= 0.0.4)
  recursive-open-struct
  remotipart (~> 1.0)
  rinku (~> 1.7.3)
  rmagick (~> 2.15, >= 2.15.4)
  rolify
  rspec-rails (= 2.14.0)
  rubber (~> 3.2, >= 3.2.1)
  rvm-capistrano
  s3_file_field!
  sass-rails (= 3.2.5)
  selenium-webdriver (~> 2.48.1)
  shoulda-matchers
  spork (~> 1.0rc)
  stripe (~> 1.21.0)
  test-unit (~> 3.0)
  test_after_commit
  therubyracer
  thin
  thinking-sphinx (~> 3.0.6)
  timezone (~> 0.3.2)
  turbo-sprockets-rails3
  uglifier (= 1.2.3)
  unread
  validates_timeliness (~> 3.0)
  vcr (~> 2.5.0)
  wdm (~> 0.1.1)
  whenever
  will_paginate (~> 3.0)
  win32console (~> 1.3.2)

BUNDLED WITH
   1.11.2
